PATH
  remote: ../rulers
  specs:
    rulers (0.0.5)
      erubis
      multi_json
      rack

GEM
  remote: https://rubygems.org/
  specs:
    coderay (1.0.9)
    erubis (2.7.0)
    method_source (0.8.1)
    multi_json (1.7.7)
    pry (0.9.12.2)
      coderay (~> 1.0.5)
      method_source (~> 0.8)
      slop (~> 3.4)
    rack (1.5.2)
    slop (3.4.6)

PLATFORMS
  ruby

DEPENDENCIES
  pry
  rulers!
